GEM
  remote: http://rubygems.org/
  specs:
    addressable (2.2.7)
    choice (0.1.5)
    faraday (0.7.6)
      addressable (~> 2.2)
      multipart-post (~> 1.1)
      rack (~> 1.1)
    google-spreadsheet-ruby (0.1.6)
      nokogiri (>= 1.4.3.1)
      oauth (>= 0.3.6)
      oauth2 (>= 0.5.0)
    json (1.6.5)
    log4r (1.1.10)
    mime-types (1.17.2)
    multi_json (1.0.4)
    multipart-post (1.1.5)
    nokogiri (1.5.0)
    oauth (0.4.5)
    oauth2 (0.5.2)
      faraday (~> 0.7)
      multi_json (~> 1.0)
    rack (1.4.1)
    rest-client (1.6.7)
      mime-types (>= 1.16)
    roo (1.10.1)
      choice (>= 0.1.4)
      google-spreadsheet-ruby (>= 0.1.5)
      nokogiri (>= 1.5.0)
      rubyzip (>= 0.9.4)
      spreadsheet (> 0.6.4)
      todonotes (>= 0.1.0)
    ruby-ole (1.2.11.2)
    rubyzip (0.9.6.1)
    shoulda (2.11.3)
    shoulda-context (1.0.0)
    spreadsheet (0.6.8)
      ruby-ole (>= 1.0)
    test-unit (2.4.7)
    todonotes (0.1.0)
      log4r

PLATFORMS
  ruby

DEPENDENCIES
  json
  rest-client
  roo
  shoulda
  shoulda-context
  test-unit
